PATH
  remote: .
  specs:
    gyazo (2.1.2)
      httmultiparty
      httparty (~> 0.15.0)
      json

GEM
  remote: https://rubygems.org/
  specs:
    httmultiparty (0.3.16)
      httparty (>= 0.7.3)
      mimemagic
      multipart-post
    httparty (0.15.7)
      multi_xml (>= 0.5.2)
    json (2.1.0)
    mimemagic (0.3.2)
    minitest (5.6.1)
    multi_xml (0.6.0)
    multipart-post (2.0.0)
    rake (10.4.2)

PLATFORMS
  ruby

DEPENDENCIES
  bundler
  gyazo!
  minitest
  rake

BUNDLED WITH
   1.16.1
